GEM
  remote: https://rubygems.org/
  specs:
    coderay (1.1.2)
    facter (2.5.1)
    hiera (3.4.3)
    json_pure (1.8.6)
    method_source (0.9.0)
    pry (0.11.3)
      coderay (~> 1.1.0)
      method_source (~> 0.9.0)
    pry-doc (0.13.4)
      pry (~> 0.11)
      yard (~> 0.9.11)
    puppet (4.8.2)
      facter (> 2.0, < 4)
      hiera (>= 2.0, < 4)
      json_pure (~> 1.8)
    rake (12.3.1)
    yard (0.9.12)

PLATFORMS
  ruby

DEPENDENCIES
  pry
  pry-doc
  puppet (~> 4.8.0)
  rake

BUNDLED WITH
   1.16.1
